GEM
  remote: https://rubygems.org/
  specs:
    activesupport (7.0.0)
      concurrent-ruby (~> 1.0, >= 1.0.2)
      i18n (>= 1.6, < 2)
      minitest (>= 5.1)
      tzinfo (~> 2.0)
    ast (2.4.2)
    concurrent-ruby (1.1.9)
    hashugar (1.0.1)
    i18n (1.8.11)
      concurrent-ruby (~> 1.0)
    mini_portile2 (2.8.0)
    minitest (5.15.0)
    narray (0.6.1.2)
    parallel (1.21.0)
    parser (3.0.3.2)
      ast (~> 2.4.1)
    rainbow (3.0.0)
    regexp_parser (2.2.0)
    rexml (3.2.5)
    rubocop (1.24.1)
      parallel (~> 1.10)
      parser (>= 3.0.0.0)
      rainbow (>= 2.2.2, < 4.0)
      regexp_parser (>= 1.8, < 3.0)
      rexml
      rubocop-ast (>= 1.15.1, < 2.0)
      ruby-progressbar (~> 1.7)
      unicode-display_width (>= 1.4.0, < 3.0)
    rubocop-ast (1.15.1)
      parser (>= 3.0.1.1)
    ruby-progressbar (1.11.0)
    ruby-sdl2 (0.3.5)
    sqlite3 (1.5.4)
      mini_portile2 (~> 2.8.0)
    tzinfo (2.0.4)
      concurrent-ruby (~> 1.0)
    unicode-display_width (2.1.0)

PLATFORMS
  ruby

DEPENDENCIES
  activesupport
  hashugar
  narray
  rubocop
  ruby-sdl2
  sqlite3

RUBY VERSION
   ruby 2.7.2p137

BUNDLED WITH
   2.1.4
